GEM
  remote: http://rubygems.org/
  specs:
    json (1.4.6)
    kgio (2.0.0)
    mime-types (1.16)
    oauth (0.4.4)
    rack (1.2.1)
    rack-test (0.5.6)
      rack (>= 1.0)
    rspec (1.3.1)
    sinatra (1.1.0)
      rack (~> 1.1)
      tilt (~> 1.1)
    tilt (1.1)
    twitter_oauth (0.4.3)
      json (>= 1.1.9)
      mime-types (>= 1.16)
      oauth (>= 0.4.1)
    unicorn (3.0.1)
      kgio (~> 2.0.0)
      rack

PLATFORMS
  ruby

DEPENDENCIES
  rack-test
  rspec (= 1.3.1)
  sinatra
  twitter_oauth
  unicorn
